PATH
  remote: .
  specs:
    mvg-live (1.0.1)
      activemodel (~> 3.2.8)
      faraday (~> 0.8.4)
      json
      nokogiri (~> 1.5.5)

GEM
  remote: http://rubygems.org/
  specs:
    activemodel (3.2.8)
      activesupport (= 3.2.8)
      builder (~> 3.0.0)
    activesupport (3.2.8)
      i18n (~> 0.6)
      multi_json (~> 1.0)
    ansi (1.4.2)
    builder (3.0.4)
    coderay (1.0.5)
    factory_girl (4.1.0)
      activesupport (>= 3.0.0)
    faraday (0.8.4)
      multipart-post (~> 1.1)
    ffi (1.0.11)
    ffi (1.0.11-java)
    growl (1.0.3)
    guard (1.0.1)
      ffi (>= 0.5.0)
      thor (~> 0.14.6)
    guard-minitest (0.5.0)
      guard (>= 0.4)
    i18n (0.6.1)
    json (1.7.5)
    json (1.7.5-java)
    metaclass (0.0.1)
    method_source (0.7.1)
    minitest (2.11.3)
    minitest-reporters (0.5.1)
      ansi
      minitest (~> 2.0)
      ruby-progressbar
    mocha (0.12.7)
      metaclass (~> 0.0.1)
    multi_json (1.1.0)
    multipart-post (1.1.5)
    nokogiri (1.5.5)
    nokogiri (1.5.5-java)
    pry (0.9.8.4)
      coderay (~> 1.0.5)
      method_source (~> 0.7.1)
      slop (>= 2.4.4, < 3)
    pry (0.9.8.4-java)
      coderay (~> 1.0.5)
      method_source (~> 0.7.1)
      slop (>= 2.4.4, < 3)
      spoon (~> 0.0)
    rake (0.9.2.2)
    ruby-progressbar (0.0.10)
    simplecov (0.6.1)
      multi_json (~> 1.0)
      simplecov-html (~> 0.5.3)
    simplecov-html (0.5.3)
    slop (2.4.4)
    spoon (0.0.1)
    thor (0.14.6)
    vcr (2.3.0)

PLATFORMS
  java
  ruby

DEPENDENCIES
  factory_girl (~> 4.1.0)
  growl
  guard
  guard-minitest
  minitest
  minitest-reporters
  mocha (~> 0.12.7)
  mvg-live!
  pry
  rake
  simplecov
  vcr (~> 2.3.0)
