PATH
  remote: .
  specs:
    mvg-live (1.0.1)
      activemodel (~> 3.2.8)
      faraday (~> 0.8.4)
      json
      nokogiri (~> 1.5.5)

GEM
  remote: http://rubygems.org/
  specs:
    activemodel (3.2.11)
      activesupport (= 3.2.11)
      builder (~> 3.0.0)
    activesupport (3.2.11)
      i18n (~> 0.6)
      multi_json (~> 1.0)
    ansi (1.4.3)
    builder (3.0.4)
    coderay (1.0.8)
    factory_girl (4.1.0)
      activesupport (>= 3.0.0)
    faraday (0.8.4)
      multipart-post (~> 1.1)
    growl (1.0.3)
    guard (1.6.1)
      listen (>= 0.6.0)
      lumberjack (>= 1.0.2)
      pry (>= 0.9.10)
      thor (>= 0.14.6)
    guard-minitest (0.5.0)
      guard (>= 0.4)
    hashie (1.2.0)
    i18n (0.6.1)
    json (1.7.6)
    json (1.7.6-java)
    listen (0.7.1)
    lumberjack (1.0.2)
    metaclass (0.0.1)
    method_source (0.8.1)
    minitest (4.4.0)
    minitest-reporters (0.14.2)
      ansi
      builder
      minitest (>= 2.12, < 5.0)
      powerbar
    mocha (0.12.8)
      metaclass (~> 0.0.1)
    multi_json (1.5.0)
    multipart-post (1.1.5)
    nokogiri (1.5.6)
    nokogiri (1.5.6-java)
    powerbar (1.0.11)
      ansi (~> 1.4.0)
      hashie (>= 1.1.0)
    pry (0.9.10)
      coderay (~> 1.0.5)
      method_source (~> 0.8)
      slop (~> 3.3.1)
    pry (0.9.10-java)
      coderay (~> 1.0.5)
      method_source (~> 0.8)
      slop (~> 3.3.1)
      spoon (~> 0.0)
    rake (10.0.3)
    simplecov (0.7.1)
      multi_json (~> 1.0)
      simplecov-html (~> 0.7.1)
    simplecov-html (0.7.1)
    slop (3.3.3)
    spoon (0.0.1)
    thor (0.16.0)
    vcr (2.3.0)

PLATFORMS
  java
  ruby

DEPENDENCIES
  factory_girl (~> 4.1.0)
  growl
  guard
  guard-minitest
  minitest
  minitest-reporters
  mocha (~> 0.12.7)
  mvg-live!
  pry
  rake
  simplecov
  vcr (~> 2.3.0)
